GIT
  remote: git@github.com:cgservices/officer.git
  revision: b4cf3a9905bef39958d542db5a8889af8409a2ff
  specs:
    officer (0.11.0)
      choice
      daemons
      eventmachine
      json

PATH
  remote: .
  specs:
    cg_semaphore (0.10.0)
      officer (>= 0.11.0)

GEM
  remote: https://rubygems.org/
  specs:
    choice (0.1.6)
    daemons (1.1.9)
    diff-lcs (1.2.3)
    eventmachine (1.0.3)
    json (1.7.7)
    rake (10.0.4)
    rspec (2.13.0)
      rspec-core (~> 2.13.0)
      rspec-expectations (~> 2.13.0)
      rspec-mocks (~> 2.13.0)
    rspec-core (2.13.1)
    rspec-expectations (2.13.0)
      diff-lcs (>= 1.1.3, < 2.0)
    rspec-mocks (2.13.1)

PLATFORMS
  ruby

DEPENDENCIES
  cg_semaphore!
  officer!
  rake
  rspec

BUNDLED WITH
   1.14.6
