GIT
  remote: git@github.com:cgservices/officer.git
  revision: b4cf3a9905bef39958d542db5a8889af8409a2ff
  specs:
    officer (0.11.0)
      choice
      daemons
      eventmachine
      json

PATH
  remote: .
  specs:
    cg_semaphore (0.10.1)
      officer (>= 0.11.0)

GEM
  remote: https://rubygems.org/
  specs:
    choice (0.1.6)
    coderay (1.1.1)
    daemons (1.1.9)
    diff-lcs (1.2.3)
    eventmachine (1.0.4)
    json (1.8.2)
    method_source (0.8.2)
    pry (0.10.4)
      coderay (~> 1.1.0)
      method_source (~> 0.8.1)
      slop (~> 3.4)
    rake (10.0.4)
    rspec (2.13.0)
      rspec-core (~> 2.13.0)
      rspec-expectations (~> 2.13.0)
      rspec-mocks (~> 2.13.0)
    rspec-core (2.13.1)
    rspec-expectations (2.13.0)
      diff-lcs (>= 1.1.3, < 2.0)
    rspec-mocks (2.13.1)
    slop (3.6.0)

PLATFORMS
  ruby

DEPENDENCIES
  cg_semaphore!
  officer!
  pry
  rake
  rspec

BUNDLED WITH
   1.14.6
